GEM
  remote: https://rubygems.org/
  specs:
    RubyInline (3.11.2)
      ZenTest (~> 4.3)
    ZenTest (4.8.1)
    github-downloads (0.1.3)
      highline
      hirb
      json
      mime-types
      rest-client
      simpleconsole
    highline (1.6.13)
    hirb (0.6.2)
    json (1.7.3)
    mime-types (1.18)
    osx_keychain (1.0.0)
      RubyInline (~> 3)
    rake (0.9.2.2)
    rest-client (1.6.7)
      mime-types (>= 1.16)
    simpleconsole (0.1.1)

PLATFORMS
  ruby

DEPENDENCIES
  github-downloads
  osx_keychain
  rake
